GEM
  remote: https://rubygems.org/
  specs:
    daemons (1.2.3)
    eventmachine (1.0.7)
    json_pure (1.8.3)
    nats (0.6.0)
      daemons (~> 1.1, >= 1.2.2)
      eventmachine (~> 1.0, = 1.0.7)
      json_pure (~> 1.8, >= 1.8.1)
      thin (~> 1.6, >= 1.6.3)
    rack (1.6.4)
    thin (1.6.4)
      daemons (~> 1.0, >= 1.0.9)
      eventmachine (~> 1.0, >= 1.0.4)
      rack (~> 1.0)

PLATFORMS
  ruby

DEPENDENCIES
  nats

BUNDLED WITH
   1.11.2
